PATH
  remote: .
  specs:
    pssh_box (0.0.1)
      ruby-uuid (~> 0.0.1)

GEM
  remote: https://rubygems.org/
  specs:
    diff-lcs (1.3)
    rake (10.5.0)
    rspec (3.8.0)
      rspec-core (~> 3.8.0)
      rspec-expectations (~> 3.8.0)
      rspec-mocks (~> 3.8.0)
    rspec-core (3.8.0)
      rspec-support (~> 3.8.0)
    rspec-expectations (3.8.2)
      diff-lcs (>= 1.2.0, < 2.0)
      rspec-support (~> 3.8.0)
    rspec-mocks (3.8.0)
      diff-lcs (>= 1.2.0, < 2.0)
      rspec-support (~> 3.8.0)
    rspec-support (3.8.0)
    ruby-uuid (0.0.1)

PLATFORMS
  x86-mingw32

DEPENDENCIES
  bundler (~> 2.0)
  pssh_box!
  rake (~> 10.0)
  rspec (~> 3.0)

BUNDLED WITH
   2.0.2
